FRAMEWORK: NET45
NUGET
  remote: https://nuget.org/api/v2
  specs:
    DotLiquid (1.8.0)
    FsCheck (2.0.7) - framework: net45
      FSharp.Core (>= 3.1.2.5)
    FSharp.Charting (0.90.12)
    FSharp.Core (3.1.2.5)
    FsPickler (1.3.7)
    Fuchu (0.6.0.0) - framework: net45
    Fuchu.FsCheck (0.6.0.0)
      FSharp.Core (>= 3.1.2.1)
      FsCheck (>= 1.0.4)
      Fuchu (>= 0.6.0.0)
    Fuchu.PerfUtil (0.6.0.0)
      FSharp.Core (>= 3.1.2.1)
      Fuchu (>= 0.6.0.0)
      PerfUtil (>= 0.1.8)
    Http.fs-prerelease (2.3.0)
      FSharp.Core (>= 3.1.2.1)
    Microsoft.AspNet.Razor (3.2.3) - framework: >= net45, net45
    NuGet.CommandLine (2.8.6)
    openssl.redist (1.0.1.25)
    PerfUtil (0.1.8) - framework: net45
    RazorEngine (3.7.2)
      Microsoft.AspNet.Razor (>= 3.0.0) - framework: >= net45
    Topshelf (3.2.0) - framework: net45
    Topshelf.FSharp (2.1.0)
      Topshelf (>= 3.2.0)
    WebSocketSharp (1.0.3-rc9)
