FRAMEWORK: NET45
NUGET
  remote: https://www.nuget.org/api/v2
    DotLiquid (2.0.24)
    FSharp.Core (3.1.2.5)
    Microsoft.AspNet.Razor (3.2.3)
    openssl.redist (1.0.1.25)
    RazorEngine (3.9)
      Microsoft.AspNet.Razor (>= 3.0)
GITHUB
  remote: haf/YoLo
    YoLo.fs (f122eebb2ab82e06ac31ce51f3b4632fb26fd130)
  remote: logary/logary
    src/Logary.Facade/Facade.fs (f69088683010087e09a142900cbf916ee4fc2fee)
GROUP Build
NUGET
  remote: https://www.nuget.org/api/v2
    NuGet.CommandLine (3.4.3)

GROUP Docs
FRAMEWORK: NET45
NUGET
  remote: https://www.nuget.org/api/v2
    Argu (3.2)
    FSharp.Core (4.0.0.1)
    FsLibTool (0.1.1)
      FSharp.Core (>= 4.0.0.1)
      PPrint (>= 1.4.3)
    PPrint (2.0)
      FSharp.Core (>= 3.1.2.5)

GROUP Examples
FRAMEWORK: NET45
NUGET
  remote: https://www.nuget.org/api/v2
    Aether (8.1.2)
    Arachne.Core (3.0)
      FParsec (>= 1.0 < 2.0)
    Arachne.Http (3.0)
      Arachne.Core (>= 3.0)
      Arachne.Language (>= 3.0)
      Arachne.Uri (>= 3.0)
      FParsec (>= 1.0 < 2.0)
    Arachne.Http.Cors (3.0)
      Arachne.Core (>= 3.0)
      Arachne.Http (>= 3.0)
      Arachne.Language (>= 3.0)
      Arachne.Uri (>= 3.0)
      FParsec (>= 1.0 < 2.0)
    Arachne.Language (3.0)
      Arachne.Core (>= 3.0)
      FParsec (>= 1.0 < 2.0)
    Arachne.Uri (3.0)
      Arachne.Core (>= 3.0)
      FParsec (>= 1.0 < 2.0)
    Arachne.Uri.Template (3.0)
      Arachne.Core (>= 3.0)
      Arachne.Uri (>= 3.0)
      FParsec (>= 1.0 < 2.0)
    Chiron (6.2)
      Aether (>= 8.0.2 < 9.0)
      FParsec (>= 1.0 < 2.0)
    FParsec (1.0.2)
    Freya (3.0.0-b300)
      Freya.Core (>= 3.0.0-b300)
      Freya.Lenses.Http (>= 3.0.0-b300)
      Freya.Lenses.Http.Cors (>= 3.0.0-b300)
      Freya.Machine (>= 3.0.0-b300)
      Freya.Machine.Extensions.Http (>= 3.0.0-b300)
      Freya.Machine.Extensions.Http.Cors (>= 3.0.0-b300)
      Freya.Machine.Router (>= 3.0.0-b300)
      Freya.Recorder (>= 3.0.0-b300)
      Freya.Router (>= 3.0.0-b300)
    Freya.Core (3.0.0-b300)
      Aether (>= 8.1 < 9.0)
    Freya.Lenses.Http (3.0.0-b300)
      Aether (>= 8.1 < 9.0)
      Arachne.Http (>= 3.0)
      Freya.Core (>= 3.0.0-b300)
    Freya.Lenses.Http.Cors (3.0.0-b300)
      Aether (>= 8.1 < 9.0)
      Arachne.Http.Cors (>= 3.0)
      Freya.Core (>= 3.0.0-b300)
      Freya.Lenses.Http (>= 3.0.0-b300)
    Freya.Machine (3.0.0-b300)
      Aether (>= 8.1 < 9.0)
      Freya.Core (>= 3.0.0-b300)
      Freya.Recorder (>= 3.0.0-b300)
      Hekate (>= 3.0 < 4.0)
    Freya.Machine.Extensions.Http (3.0.0-b300)
      Aether (>= 8.1 < 9.0)
      Arachne.Http (>= 3.0)
      Arachne.Language (>= 3.0)
      Freya.Core (>= 3.0.0-b300)
      Freya.Lenses.Http (>= 3.0.0-b300)
      Freya.Machine (>= 3.0.0-b300)
      Freya.Recorder (>= 3.0.0-b300)
    Freya.Machine.Extensions.Http.Cors (3.0.0-b300)
      Aether (>= 8.1 < 9.0)
      Arachne.Http.Cors (>= 3.0)
      Freya.Core (>= 3.0.0-b300)
      Freya.Lenses.Http (>= 3.0.0-b300)
      Freya.Lenses.Http.Cors (>= 3.0.0-b300)
      Freya.Machine (>= 3.0.0-b300)
      Freya.Machine.Extensions.Http (>= 3.0.0-b300)
      Freya.Recorder (>= 3.0.0-b300)
    Freya.Machine.Router (3.0.0-b300)
      Arachne.Http (>= 3.0)
      Arachne.Uri.Template (>= 3.0)
      Freya.Core (>= 3.0.0-b300)
      Freya.Lenses.Http (>= 3.0.0-b300)
      Freya.Recorder (>= 3.0.0-b300)
      Freya.Router (>= 3.0.0-b300)
    Freya.Recorder (3.0.0-b300)
      Aether (>= 8.1 < 9.0)
      Freya.Core (>= 3.0.0-b300)
    Freya.Router (3.0.0-b300)
      Aether (>= 8.1 < 9.0)
      Arachne.Http (>= 3.0)
      Arachne.Uri.Template (>= 3.0)
      Freya.Core (>= 3.0.0-b300)
      Freya.Lenses.Http (>= 3.0.0-b300)
      Freya.Recorder (>= 3.0.0-b300)
      Hekate (>= 3.0 < 4.0)
    FSharp.Core (4.0.0.1) - redirects: force
    Hekate (3.2)
      Aether (>= 8.0.2 < 9.0)
    IdentityServer3 (2.5.1)
      Owin (>= 1.0)
    Microsoft.Owin (3.0.1)
      Owin (>= 1.0)
    Microsoft.Owin.Hosting (3.0.1)
      Microsoft.Owin (>= 3.0.1)
      Owin (>= 1.0)
    Nancy (1.4.3)
    Nancy.Owin (1.4.1)
      Nancy (>= 1.4.1)
      Owin (>= 1.0)
    Owin (1.0)
    Topshelf (3.3.1)
    Topshelf.FSharp (2.1)
      Topshelf (>= 3.2)
GITHUB
  remote: haf/YoLo
    YoLo.fs (f122eebb2ab82e06ac31ce51f3b4632fb26fd130)
GROUP Tests
FRAMEWORK: NET45
NUGET
  remote: https://www.nuget.org/api/v2
    DotLiquid (2.0.24)
    FsCheck (2.1)
      FSharp.Core (>= 3.1.2.5)
    FSharp.Charting (0.90.14)
    FSharp.Core (3.1.2.5)
    Fuchu (1.0.3)
      FSharp.Core (>= 3.1.2.1)
    Fuchu.FsCheck (1.0.1)
      FsCheck (>= 2.1)
      FSharp.Core (>= 3.1.2.5)
      Fuchu (>= 1.0.1)
    Fuchu.PerfUtil (1.0.3)
      FSharp.Core (>= 3.1.2.1)
      Fuchu (>= 1.0.3)
      PerfUtil (>= 0.1.8)
    Hopac (0.3.3)
      FSharp.Core (>= 3.1.2.5)
    Http.fs-prerelease (3.0.5)
      FSharp.Core (>= 3.1.2.5)
      Hopac (>= 0.1.3)
    PerfUtil (0.1.8)
    WebSocketSharp (1.0.3-rc9)
