FRAMEWORK: NET45
NUGET
  remote: https://nuget.org/api/v2
  specs:
    DotLiquid (1.8.0)
    FSharp.Core (3.1.2.5)
    Microsoft.AspNet.Razor (3.2.3)
    openssl.redist (1.0.1.25)
    RazorEngine (3.7.5)
      Microsoft.AspNet.Razor (>= 3.0.0)
GITHUB
  remote: haf/YoLo
  specs:
    YoLo.fs (0d120146e4c558b1b7cb1763161dcf33e31de22b)
GROUP Build
NUGET
  remote: https://nuget.org/api/v2
  specs:
    NuGet.CommandLine (3.3.0)

GROUP Docs
FRAMEWORK: NET45
NUGET
  remote: https://nuget.org/api/v2
  specs:
    FAKE (4.11.0)
    FSharp.Compiler.Service (1.4.0.6)
    FSharp.Core (4.0.0.1)
    FSharp.Formatting (2.12.0)
      FSharp.Compiler.Service (1.4.0.6)
      FSharpVSPowerTools.Core (2.1.0)
    FSharp.Formatting.CommandTool (2.12.0)
    FSharpVSPowerTools.Core (2.1.0)
      FSharp.Compiler.Service (>= 1.4.0.6)

GROUP Examples
FRAMEWORK: NET45
NUGET
  remote: https://nuget.org/api/v2
  specs:
    Aether (8.0.2)
    Arachne.Core (2.3.27)
      FParsec
    Arachne.Http (2.3.27)
      Arachne.Core (>= 2.3.27)
      Arachne.Language (>= 2.3.27)
      Arachne.Uri (>= 2.3.27)
      FParsec
    Arachne.Http.Cors (2.3.27)
      Arachne.Core (>= 2.3.27)
      Arachne.Http (>= 2.3.27)
      Arachne.Uri (>= 2.3.27)
      FParsec
    Arachne.Language (2.3.27)
      Arachne.Core (>= 2.3.27)
      FParsec
    Arachne.Uri (2.3.27)
      Arachne.Core (>= 2.3.27)
      FParsec
    Arachne.Uri.Template (2.3.27)
      Arachne.Core (>= 2.3.27)
      Arachne.Uri (>= 2.3.27)
      FParsec
    FParsec (1.0.2)
    Freya (3.0.0-b260)
      Freya.Core (>= 3.0.0-b260)
      Freya.Lenses.Http (>= 3.0.0-b260)
      Freya.Lenses.Http.Cors (>= 3.0.0-b260)
      Freya.Machine (>= 3.0.0-b260)
      Freya.Machine.Extensions.Http (>= 3.0.0-b260)
      Freya.Machine.Extensions.Http.Cors (>= 3.0.0-b260)
      Freya.Machine.Router (>= 3.0.0-b260)
      Freya.Recorder (>= 3.0.0-b260)
      Freya.Router (>= 3.0.0-b260)
    Freya.Core (3.0.0-b260)
      Aether (>= 8.0.0 < 9.0.0)
    Freya.Lenses.Http (3.0.0-b260)
      Aether (>= 8.0.0 < 9.0.0)
      Arachne.Http (>= 2.3.27)
      Freya.Core (>= 3.0.0-b260)
    Freya.Lenses.Http.Cors (3.0.0-b260)
      Aether (>= 8.0.0 < 9.0.0)
      Arachne.Http.Cors (>= 2.3.27)
      Freya.Core (>= 3.0.0-b260)
      Freya.Lenses.Http (>= 3.0.0-b260)
    Freya.Machine (3.0.0-b260)
      Aether (>= 8.0.0 < 9.0.0)
      Freya.Core (>= 3.0.0-b260)
      Freya.Recorder (>= 3.0.0-b260)
      Hekate (>= 2.0.0 < 3.0.0)
    Freya.Machine.Extensions.Http (3.0.0-b260)
      Aether (>= 8.0.0 < 9.0.0)
      Arachne.Http (>= 2.3.27)
      Freya.Core (>= 3.0.0-b260)
      Freya.Lenses.Http (>= 3.0.0-b260)
      Freya.Machine (>= 3.0.0-b260)
    Freya.Machine.Extensions.Http.Cors (3.0.0-b260)
      Aether (>= 8.0.0 < 9.0.0)
      Arachne.Http.Cors (>= 2.3.27)
      Freya.Core (>= 3.0.0-b260)
      Freya.Lenses.Http (>= 3.0.0-b260)
      Freya.Lenses.Http.Cors (>= 3.0.0-b260)
      Freya.Machine (>= 3.0.0-b260)
      Freya.Machine.Extensions.Http (>= 3.0.0-b260)
    Freya.Machine.Router (3.0.0-b260)
      Arachne.Http (>= 2.3.27)
      Arachne.Uri.Template (>= 2.3.27)
      Freya.Core (>= 3.0.0-b260)
      Freya.Router (>= 3.0.0-b260)
    Freya.Recorder (3.0.0-b260)
      Aether (>= 8.0.0 < 9.0.0)
      Freya.Core (>= 3.0.0-b260)
    Freya.Router (3.0.0-b260)
      Aether (>= 8.0.0 < 9.0.0)
      Arachne.Http (>= 2.3.27)
      Arachne.Uri.Template (>= 2.3.27)
      Freya.Core (>= 3.0.0-b260)
      Freya.Lenses.Http (>= 3.0.0-b260)
      Freya.Recorder (>= 3.0.0-b260)
      Hekate (>= 2.0.0 < 3.0.0)
    FSharp.Core (4.0.0.1)
    Hekate (2.0.1)
      Aether (>= 8.0.2 < 9.0.0)
    Microsoft.Owin (3.0.1)
      Owin (>= 1.0)
    Microsoft.Owin.Hosting (3.0.1)
      Microsoft.Owin (>= 3.0.1)
      Owin (>= 1.0)
    Nancy (1.4.2)
    Nancy.Owin (1.4.1)
      Nancy (>= 1.4.1)
      Owin (>= 1.0)
    Owin (1.0)
    Topshelf (3.3.1)
    Topshelf.FSharp (2.1.0)
      Topshelf (>= 3.2.0)
GITHUB
  remote: haf/YoLo
  specs:
    YoLo.fs (0d120146e4c558b1b7cb1763161dcf33e31de22b)
GROUP Tests
FRAMEWORK: NET45
NUGET
  remote: https://nuget.org/api/v2
  specs:
    FsCheck (2.1.0)
      FSharp.Core (>= 3.1.2.5)
    FSharp.Charting (0.90.13)
    FSharp.Core (3.1.2.5)
    Fuchu (1.0.2)
      FSharp.Core (>= 3.1.2.1)
    Fuchu.FsCheck (1.0.1)
      FsCheck (>= 2.1.0)
      FSharp.Core (>= 3.1.2.5)
      Fuchu (>= 1.0.1.0)
    Fuchu.PerfUtil (1.0.2)
      FSharp.Core (>= 3.1.2.1)
      Fuchu (>= 1.0.2.0)
      PerfUtil (>= 0.1.8)
    Http.fs-prerelease (2.4.0)
      FSharp.Core (>= 3.1.2.1)
    PerfUtil (0.1.8)
    WebSocketSharp (1.0.3-rc9)
