FRAMEWORK: NET45
NUGET
  remote: https://nuget.org/api/v2
  specs:
    DotLiquid (1.8.0)
    FSharp.Core (3.1.2.5)
    Microsoft.AspNet.Razor (3.2.3)
    openssl.redist (1.0.1.25)
    RazorEngine (3.7.4)
      Microsoft.AspNet.Razor (>= 3.0.0)
GITHUB
  remote: haf/YoLo
  specs:
    YoLo.fs (59c81dd98bed0eabe28b3d365687a6d09ca8b8c0)
GROUP Build
NUGET
  remote: https://nuget.org/api/v2
  specs:
    NuGet.CommandLine (2.8.6)

GROUP Examples
FRAMEWORK: NET45
NUGET
  remote: https://nuget.org/api/v2
  specs:
    FSharp.Core (4.0.0.1)
    Nancy (1.4.1)
    Nancy.Owin (1.4.1)
      Nancy (>= 1.4.1)
      Owin (>= 1.0)
    Owin (1.0.0)
    Topshelf (3.2.0)
    Topshelf.FSharp (2.1.0)
      Topshelf (>= 3.2.0)
GITHUB
  remote: haf/YoLo
  specs:
    YoLo.fs (59c81dd98bed0eabe28b3d365687a6d09ca8b8c0)
GROUP Tests
FRAMEWORK: NET45
NUGET
  remote: https://nuget.org/api/v2
  specs:
    FsCheck (2.2.2)
      FSharp.Core (>= 3.1.2.5)
    FSharp.Charting (0.90.13)
    FSharp.Core (3.1.2.5)
    Fuchu (1.0.1)
      FSharp.Core (>= 3.1.2.1)
    Fuchu.FsCheck (1.0.1.0)
      FsCheck (>= 2.1.0)
      FSharp.Core (>= 3.1.2.5)
      Fuchu (>= 1.0.1.0)
    Fuchu.PerfUtil (1.0.1.0)
      FSharp.Core (>= 3.1.2.1)
      Fuchu (>= 1.0.1.0)
      PerfUtil (>= 0.1.8)
    Http.fs-prerelease (2.4.0)
      FSharp.Core (>= 3.1.2.1)
    PerfUtil (0.1.8)
    WebSocketSharp (1.0.3-rc9)
