FRAMEWORK: NET45
NUGET
  remote: https://nuget.org/api/v2
  specs:
    DotLiquid (1.8.0)
    FSharp.Core (3.1.2.5)
    Microsoft.AspNet.Razor (3.2.3)
    openssl.redist (1.0.1.25)
    RazorEngine (3.7.4)
      Microsoft.AspNet.Razor (>= 3.0.0)
GITHUB
  remote: haf/YoLo
  specs:
    YoLo.fs (0d120146e4c558b1b7cb1763161dcf33e31de22b)
GROUP Build
NUGET
  remote: https://nuget.org/api/v2
  specs:
    NuGet.CommandLine (3.3.0)

GROUP Examples
FRAMEWORK: NET45
NUGET
  remote: https://nuget.org/api/v2
  specs:
    Aether (8.0.0-rc2)
    Arachne.Core (2.3.27)
      FParsec
    Arachne.Http (2.3.27)
      Arachne.Core (>= 2.3.27)
      Arachne.Language (>= 2.3.27)
      Arachne.Uri (>= 2.3.27)
      FParsec
    Arachne.Http.Cors (2.3.27)
      Arachne.Core (>= 2.3.27)
      Arachne.Http (>= 2.3.27)
      Arachne.Uri (>= 2.3.27)
      FParsec
    Arachne.Language (2.3.27)
      Arachne.Core (>= 2.3.27)
      FParsec
    Arachne.Uri (2.3.27)
      Arachne.Core (>= 2.3.27)
      FParsec
    Arachne.Uri.Template (2.3.27)
      Arachne.Core (>= 2.3.27)
      Arachne.Uri (>= 2.3.27)
      FParsec
    FParsec (1.0.2)
    Freya (2.0.201)
      Freya.Core (>= 2.0.201)
      Freya.Lenses.Http (>= 2.0.201)
      Freya.Lenses.Http.Cors (>= 2.0.201)
      Freya.Machine (>= 2.0.201)
      Freya.Machine.Extensions.Http (>= 2.0.201)
      Freya.Machine.Extensions.Http.Cors (>= 2.0.201)
      Freya.Machine.Router (>= 2.0.201)
      Freya.Recorder (>= 2.0.201)
      Freya.Router (>= 2.0.201)
    Freya.Core (2.0.201)
      Aether (8.0.0-rc2)
    Freya.Lenses.Http (2.0.201)
      Aether (8.0.0-rc2)
      Arachne.Http (>= 2.3.25)
      Freya.Core (>= 2.0.201)
    Freya.Lenses.Http.Cors (2.0.201)
      Aether (8.0.0-rc2)
      Arachne.Http.Cors
      Freya.Core (>= 2.0.201)
      Freya.Lenses.Http (>= 2.0.201)
    Freya.Machine (2.0.201)
      Aether (8.0.0-rc2)
      Freya.Core (>= 2.0.201)
      Freya.Recorder (>= 2.0.201)
      Hekate (2.0.0-rc2)
    Freya.Machine.Extensions.Http (2.0.201)
      Aether (8.0.0-rc2)
      Arachne.Http (>= 2.3.25)
      Freya.Core (>= 2.0.201)
      Freya.Lenses.Http (>= 2.0.201)
      Freya.Machine (>= 2.0.201)
    Freya.Machine.Extensions.Http.Cors (2.0.201)
      Aether (8.0.0-rc2)
      Arachne.Http.Cors
      Freya.Core (>= 2.0.201)
      Freya.Lenses.Http (>= 2.0.201)
      Freya.Lenses.Http.Cors (>= 2.0.201)
      Freya.Machine (>= 2.0.201)
      Freya.Machine.Extensions.Http (>= 2.0.201)
    Freya.Machine.Router (2.0.201)
      Arachne.Http (>= 2.3.25)
      Arachne.Uri.Template
      Freya.Core (>= 2.0.201)
      Freya.Router (>= 2.0.201)
    Freya.Recorder (2.0.201)
      Aether (8.0.0-rc2)
      Freya.Core (>= 2.0.201)
    Freya.Router (2.0.201)
      Aether (8.0.0-rc2)
      Arachne.Http (>= 2.3.25)
      Arachne.Uri.Template
      Freya.Core (>= 2.0.201)
      Freya.Lenses.Http (>= 2.0.201)
      Freya.Recorder (>= 2.0.201)
      Hekate (2.0.0-rc2)
    FSharp.Core (4.0.0.1)
    Hekate (2.0.0-rc2)
      Aether (8.0.0-rc2)
    Nancy (1.4.2)
    Nancy.Owin (1.4.1)
      Nancy (>= 1.4.1)
      Owin (>= 1.0)
    Owin (1.0.0)
    Topshelf (3.3.0)
    Topshelf.FSharp (2.1.0)
      Topshelf (>= 3.2.0)
GITHUB
  remote: haf/YoLo
  specs:
    YoLo.fs (0d120146e4c558b1b7cb1763161dcf33e31de22b)
GROUP Tests
FRAMEWORK: NET45
NUGET
  remote: https://nuget.org/api/v2
  specs:
    FsCheck (2.1.0)
      FSharp.Core (>= 3.1.2.5)
    FSharp.Charting (0.90.13)
    FSharp.Core (3.1.2.5)
    Fuchu (1.0.2)
      FSharp.Core (>= 3.1.2.1)
    Fuchu.FsCheck (1.0.1)
      FsCheck (>= 2.1.0)
      FSharp.Core (>= 3.1.2.5)
      Fuchu (>= 1.0.1.0)
    Fuchu.PerfUtil (1.0.2)
      FSharp.Core (>= 3.1.2.1)
      Fuchu (>= 1.0.2.0)
      PerfUtil (>= 0.1.8)
    Http.fs-prerelease (2.4.0)
      FSharp.Core (>= 3.1.2.1)
    PerfUtil (0.1.8)
    WebSocketSharp (1.0.3-rc9)
