FRAMEWORK: NET45
NUGET
  remote: https://nuget.org/api/v2
  specs:
    DotLiquid (1.8.0)
    FsCheck (2.0.7)
      FSharp.Core (>= 3.1.2.5)
    FSharp.Charting (0.90.12)
    FSharp.Core (3.1.2.5)
    Fuchu (0.6.0)
    Fuchu.FsCheck (0.6.0)
      FsCheck (>= 1.0.4)
      FSharp.Core (>= 3.1.2.1)
      Fuchu (>= 0.6.0.0)
    Fuchu.PerfUtil (0.6.0)
      FSharp.Core (>= 3.1.2.1)
      Fuchu (>= 0.6.0.0)
      PerfUtil (>= 0.1.8)
    Http.fs-prerelease (2.3.0)
      FSharp.Core (>= 3.1.2.1)
    Microsoft.AspNet.Razor (3.2.3)
    Microsoft.Owin (3.0.1)
      Owin (>= 1.0)
    Nancy (1.2.0)
    Nancy.Owin (1.2.0)
      Nancy (>= 1.2.0)
      Owin (>= 1.0)
    NuGet.CommandLine (2.8.6)
    openssl.redist (1.0.1.25)
    Owin (1.0)
    PerfUtil (0.1.8)
    RazorEngine (3.7.0)
      Microsoft.AspNet.Razor (>= 3.0.0) - framework: >= net45
    Topshelf (3.2.0)
    Topshelf.FSharp (2.1.0)
      Topshelf (>= 3.2.0)
    WebSharper (3.4.14.193)
    WebSharper.Owin (3.4.6.102)
      Microsoft.Owin
      Owin
      WebSharper
    WebSocketSharp (1.0.3-rc9)
