FRAMEWORK: NET45
NUGET
  remote: https://nuget.org/api/v2
  specs:
    DotLiquid (1.8.0)
    FsCheck (2.0.7)
      FSharp.Core (>= 3.1.2.5)
    FSharp.Charting (0.90.13)
    FSharp.Core (3.1.2.5)
    Fuchu (1.0.1)
      FSharp.Core (>= 3.1.2.1)
    Fuchu.FsCheck (0.6.0)
      FsCheck (>= 1.0.4)
      FSharp.Core (>= 3.1.2.1)
      Fuchu (>= 0.6.0.0)
    Fuchu.PerfUtil (0.6.0)
      FSharp.Core (>= 3.1.2.1)
      Fuchu (>= 0.6.0.0)
      PerfUtil (>= 0.1.8)
    Http.fs-prerelease (2.4.0)
      FSharp.Core (>= 3.1.2.1)
    Microsoft.AspNet.Razor (3.2.3)
    Nancy (1.4.1)
    Nancy.Owin (1.4.1)
      Nancy (>= 1.4.1)
      Owin (>= 1.0)
    NuGet.CommandLine (2.8.6)
    openssl.redist (1.0.1.25)
    Owin (1.0.0)
    PerfUtil (0.1.8)
    RazorEngine (3.7.4)
      Microsoft.AspNet.Razor (>= 3.0.0)
    Topshelf (3.2.0)
    Topshelf.FSharp (2.1.0)
      Topshelf (>= 3.2.0)
    WebSocketSharp (1.0.3-rc9)
GITHUB
  remote: haf/YoLo
  specs:
    YoLo.fs (59c81dd98bed0eabe28b3d365687a6d09ca8b8c0)